PATH
  remote: .
  specs:
    reflekt (1.0.10)
      rowdb

GEM
  remote: https://rubygems.org/
  specs:
    oj (3.11.1)
    rowdb (0.6.4)
      oj
      rudash
    rudash (4.1.2)

PLATFORMS
  ruby

DEPENDENCIES
  reflekt!

BUNDLED WITH
   2.2.6
