PATH
  remote: .
  specs:
    reflekt (1.0.10)
      lit-cli
      rowdb

GEM
  remote: https://rubygems.org/
  specs:
    coderay (1.1.3)
    lit-cli (0.6.3)
      pastel
      pry
    method_source (1.0.0)
    oj (3.11.2)
    pastel (0.8.0)
      tty-color (~> 0.5)
    pry (0.14.0)
      coderay (~> 1.1)
      method_source (~> 1.0)
    rowdb (0.6.4)
      oj
      rudash
    rudash (4.1.2)
    tty-color (0.6.0)

PLATFORMS
  ruby

DEPENDENCIES
  reflekt!

BUNDLED WITH
   2.2.8
